PATH
  remote: .
  specs:
    paypal-ipn-forwarder (0.0.1)
      pony (~> 1.4.1)
      rack (~> 1.5.2)
      rack-protection (~> 1.5.0)
      rest-client (~> 1.6.7)
      sinatra (~> 1.4.2)

GEM
  remote: https://rubygems.org/
  specs:
    diff-lcs (1.2.4)
    mail (2.5.4)
      mime-types (~> 1.16)
      treetop (~> 1.4.8)
    mime-types (1.23)
    polyglot (0.3.3)
    pony (1.4.1)
      mail (> 2.0)
    rack (1.5.2)
    rack-protection (1.5.0)
      rack
    rake (10.1.0)
    rest-client (1.6.7)
      mime-types (>= 1.16)
    rspec (2.13.0)
      rspec-core (~> 2.13.0)
      rspec-expectations (~> 2.13.0)
      rspec-mocks (~> 2.13.0)
    rspec-core (2.13.1)
    rspec-expectations (2.13.0)
      diff-lcs (>= 1.1.3, < 2.0)
    rspec-mocks (2.13.1)
    sinatra (1.4.2)
      rack (~> 1.5, >= 1.5.2)
      rack-protection (~> 1.4)
      tilt (~> 1.3, >= 1.3.4)
    tilt (1.4.1)
    treetop (1.4.14)
      polyglot
      polyglot (>= 0.3.1)

PLATFORMS
  ruby

DEPENDENCIES
  bundler (~> 1.3)
  paypal-ipn-forwarder!
  rake (~> 10.1.0)
  rspec (~> 2.13.0)
